GEM
  remote: https://rubygems.org/
  specs:
    chunky_png (1.2.6)
    compass (0.12.2)
      chunky_png (~> 1.2)
      fssm (>= 0.2.7)
      sass (~> 3.1)
    compass-normalize (1.5)
      compass (>= 0.12.0)
    daemons (1.1.9)
    eventmachine (1.2.0.1)
    fssm (0.2.9)
    haml (3.1.7)
    rack (1.4.1)
    rack-protection (1.2.0)
      rack
    rake (10.0.2)
    sass (3.2.3)
    shotgun (0.9.1)
      rack (>= 1.0)
    sinatra (1.3.3)
      rack (~> 1.3, >= 1.3.6)
      rack-protection (~> 1.2)
      tilt (~> 1.3, >= 1.3.3)
    susy (1.0.5)
      compass (>= 0.12.2)
      sass (>= 3.2.0)
    thin (1.5.0)
      daemons (>= 1.0.9)
      eventmachine (>= 0.12.6)
      rack (>= 1.0.0)
    tilt (1.3.3)

PLATFORMS
  ruby

DEPENDENCIES
  compass
  compass-normalize
  eventmachine (~> 1.2, >= 1.2.0.1)
  haml
  rake
  sass
  shotgun
  sinatra
  susy
  thin

BUNDLED WITH
   1.11.2
